GEM
  remote: http://rubygems.org/
  specs:
    activesupport (3.2.8)
      i18n (~> 0.6)
      multi_json (~> 1.0)
    coderay (1.0.7)
    diff-lcs (1.1.3)
    ero_getter (1.5.0)
      activesupport
      httpclient
      nokogiri
      zipruby
    fakefs (0.4.0)
    guard (1.4.0)
      listen (>= 0.4.2)
      thor (>= 0.14.6)
    guard-rspec (1.2.1)
      guard (>= 1.1)
    haml (3.1.7)
    httpclient (2.2.7)
    i18n (0.6.1)
    listen (0.5.2)
    method_source (0.8)
    multi_json (1.3.6)
    nokogiri (1.5.5)
    pry (0.9.10)
      coderay (~> 1.0.5)
      method_source (~> 0.8)
      slop (~> 3.3.1)
    rack (1.4.1)
    rack-protection (1.2.0)
      rack
    rack-test (0.6.2)
      rack (>= 1.0)
    rake (0.9.2.2)
    redis (3.0.1)
    rspec (2.11.0)
      rspec-core (~> 2.11.0)
      rspec-expectations (~> 2.11.0)
      rspec-mocks (~> 2.11.0)
    rspec-core (2.11.1)
    rspec-expectations (2.11.3)
      diff-lcs (~> 1.1.3)
    rspec-mocks (2.11.3)
    shotgun (0.9)
      rack (>= 1.0)
    sinatra (1.3.3)
      rack (~> 1.3, >= 1.3.6)
      rack-protection (~> 1.2)
      tilt (~> 1.3, >= 1.3.3)
    slop (3.3.3)
    thor (0.16.0)
    tilt (1.3.3)
    zipruby (0.3.6)

PLATFORMS
  ruby

DEPENDENCIES
  activesupport
  ero_getter
  fakefs
  guard-rspec
  haml
  httpclient
  nokogiri
  pry
  rack-test
  rake
  redis
  rspec
  shotgun
  sinatra
  zipruby
