GEM
  remote: http://rubygems.org/
  specs:
    activesupport (3.2.3)
      i18n (~> 0.6)
      multi_json (~> 1.0)
    bouncy-castle-java (1.5.0146.1)
    coderay (1.0.6)
    diff-lcs (1.1.3)
    ero_getter (0.1.6)
      activesupport
      httpclient
      jruby-openssl
      nokogiri
      rubyzip
    haml (3.1.6)
    httpclient (2.2.5)
    i18n (0.6.0)
    jruby-openssl (0.7.7)
      bouncy-castle-java (>= 1.5.0146.1)
    method_source (0.7.1)
    multi_json (1.3.5)
    nokogiri (1.5.2)
    pry (0.9.9.6)
      coderay (~> 1.0.5)
      method_source (~> 0.7.1)
      slop (>= 2.4.4, < 3)
    rack (1.4.1)
    rack-protection (1.2.0)
      rack
    rack-test (0.6.1)
      rack (>= 1.0)
    rake (0.9.2.2)
    redis (3.0.0)
    rspec (2.10.0)
      rspec-core (~> 2.10.0)
      rspec-expectations (~> 2.10.0)
      rspec-mocks (~> 2.10.0)
    rspec-core (2.10.1)
    rspec-expectations (2.10.0)
      diff-lcs (~> 1.1.3)
    rspec-mocks (2.10.1)
    rubyzip (0.9.8)
    shotgun (0.9)
      rack (>= 1.0)
    sinatra (1.3.2)
      rack (~> 1.3, >= 1.3.6)
      rack-protection (~> 1.2)
      tilt (~> 1.3, >= 1.3.3)
    slop (2.4.4)
    tilt (1.3.3)

PLATFORMS
  ruby

DEPENDENCIES
  ero_getter
  haml
  httpclient
  nokogiri
  pry
  rack-test
  rake
  redis
  rspec
  rubyzip
  shotgun
  sinatra
