GEM
  remote: http://rubygems.org/
  specs:
    haml (3.1.4)
    httpclient (2.2.5)
    nokogiri (1.5.2)
    rack (1.4.1)
    rack-protection (1.2.0)
      rack
    redis (2.2.2)
    rubyzip (0.9.8)
    shotgun (0.9)
      rack (>= 1.0)
    sinatra (1.3.2)
      rack (~> 1.3, >= 1.3.6)
      rack-protection (~> 1.2)
      tilt (~> 1.3, >= 1.3.3)
    tilt (1.3.3)

PLATFORMS
  ruby

DEPENDENCIES
  haml
  httpclient
  nokogiri
  redis
  rubyzip
  shotgun
  sinatra
